PATH
  remote: .
  specs:
    enhanced_errors (0.1.1)

GEM
  remote: https://rubygems.org/
  specs:
    diff-lcs (1.5.1)
    rspec (3.13.0)
      rspec-core (~> 3.13.0)
      rspec-expectations (~> 3.13.0)
      rspec-mocks (~> 3.13.0)
    rspec-core (3.13.1)
      rspec-support (~> 3.13.0)
    rspec-expectations (3.13.3)
      diff-lcs (>= 1.2.0, < 2.0)
      rspec-support (~> 3.13.0)
    rspec-mocks (3.13.1)
      diff-lcs (>= 1.2.0, < 2.0)
      rspec-support (~> 3.13.0)
    rspec-support (3.13.1)

PLATFORMS
  ruby

DEPENDENCIES
  enhanced_errors!
  rspec (> 3.4.0)

BUNDLED WITH
   2.4.19
