PATH
  remote: .
  specs:
    enhanced_errors (3.0.1)

GEM
  remote: https://rubygems.org/
  specs:
    awesome_print (1.9.2)
    diff-lcs (1.5.1)
    minitest (5.25.4)
    rspec (3.13.0)
      rspec-core (~> 3.13.0)
      rspec-expectations (~> 3.13.0)
      rspec-mocks (~> 3.13.0)
    rspec-core (3.13.2)
      rspec-support (~> 3.13.0)
    rspec-expectations (3.13.3)
      diff-lcs (>= 1.2.0, < 2.0)
      rspec-support (~> 3.13.0)
    rspec-mocks (3.13.2)
      diff-lcs (>= 1.2.0, < 2.0)
      rspec-support (~> 3.13.0)
    rspec-support (3.13.2)
    yard (0.9.37)

PLATFORMS
  ruby

DEPENDENCIES
  awesome_print (~> 1.0)
  enhanced_errors!
  minitest
  rspec (~> 3.0)
  yard (~> 0.9)

BUNDLED WITH
   2.4.19
